GEM
  remote: https://rubygems.org/
  specs:
    actionpack (4.0.1)
      activesupport (= 4.0.1)
      builder (~> 3.1.0)
      erubis (~> 2.7.0)
      rack (~> 1.5.2)
      rack-test (~> 0.6.2)
    active_record_migrations (4.0.1.0)
      activerecord (= 4.0.1)
      railties (= 4.0.1)
      rake
    activemodel (4.0.1)
      activesupport (= 4.0.1)
      builder (~> 3.1.0)
    activerecord (4.0.1)
      activemodel (= 4.0.1)
      activerecord-deprecated_finders (~> 1.0.2)
      activesupport (= 4.0.1)
      arel (~> 4.0.0)
    activerecord-deprecated_finders (1.0.3)
    activesupport (4.0.1)
      i18n (~> 0.6, >= 0.6.4)
      minitest (~> 4.2)
      multi_json (~> 1.3)
      thread_safe (~> 0.1)
      tzinfo (~> 0.3.37)
    arel (4.0.2)
    ast (1.1.0)
    atk (2.2.0)
      glib2 (= 2.2.0)
    atomic (1.1.16)
    builder (3.1.4)
    cairo (1.12.9)
      pkg-config (>= 1.1.5)
    diff-lcs (1.2.5)
    erubis (2.7.0)
    gdk_pixbuf2 (2.2.0)
      glib2 (= 2.2.0)
    glib2 (2.2.0)
      pkg-config
    green_shoes (1.1.374)
      gtk2
    gtk2 (2.2.0)
      atk (= 2.2.0)
      gdk_pixbuf2 (= 2.2.0)
      pango (= 2.2.0)
    i18n (0.6.9)
    json (1.8.1)
    minitest (4.7.5)
    multi_json (1.9.2)
    pango (2.2.0)
      cairo (>= 1.12.5)
      glib2 (= 2.2.0)
    parser (2.1.7)
      ast (~> 1.1)
      slop (~> 3.4, >= 3.4.5)
    pg (0.17.1)
    pkg-config (1.1.5)
    powerpack (0.0.9)
    rack (1.5.2)
    rack-test (0.6.2)
      rack (>= 1.0)
    railties (4.0.1)
      actionpack (= 4.0.1)
      activesupport (= 4.0.1)
      rake (>= 0.8.7)
      thor (>= 0.18.1, < 2.0)
    rainbow (2.0.0)
    rake (10.2.1)
    rspec (2.14.1)
      rspec-core (~> 2.14.0)
      rspec-expectations (~> 2.14.0)
      rspec-mocks (~> 2.14.0)
    rspec-core (2.14.8)
    rspec-expectations (2.14.5)
      diff-lcs (>= 1.1.3, < 2.0)
    rspec-mocks (2.14.6)
    rubocop (0.19.1)
      json (>= 1.7.7, < 2)
      parser (~> 2.1.7)
      powerpack (~> 0.0.6)
      rainbow (>= 1.99.1, < 3.0)
      ruby-progressbar (~> 1.4)
    ruby-progressbar (1.4.2)
    shoulda-matchers (2.5.0)
      activesupport (>= 3.0.0)
    slop (3.5.0)
    textacular (3.1.0)
      activerecord (>= 3.0, < 4.1)
    thor (0.19.1)
    thread_safe (0.3.1)
      atomic (>= 1.1.7, < 2)
    timeliness (0.3.7)
    tzinfo (0.3.39)
    validates_timeliness (3.0.14)
      timeliness (~> 0.3.6)

PLATFORMS
  ruby

DEPENDENCIES
  active_record_migrations
  activerecord
  green_shoes
  pg
  rake
  rspec
  rubocop
  shoulda-matchers
  textacular (~> 3.0)
  validates_timeliness (~> 3.0)
